GEM
  remote: https://rubygems.org/
  specs:
    activesupport (4.2.0)
      i18n (~> 0.7)
      json (~> 1.7, >= 1.7.7)
      minitest (~> 5.1)
      thread_safe (~> 0.3, >= 0.3.4)
      tzinfo (~> 1.1)
    archive-tar-minitar (0.5.2)
    celluloid (0.16.0)
      timers (~> 4.0.0)
    celluloid-io (0.16.2)
      celluloid (>= 0.16.0)
      nio4r (>= 1.1.0)
    diff-lcs (1.2.5)
    docker-api (1.19.0)
      archive-tar-minitar
      excon (>= 0.38.0)
      json
    dotenv (1.0.2)
    etcd (0.3.0)
      mixlib-log
    eventmachine (1.0.7)
    excon (0.45.3)
    fast_cache (1.0.1)
    faye-websocket (0.9.2)
      eventmachine (>= 0.12.0)
      websocket-driver (>= 0.5.1)
    hitimes (1.2.2)
    i18n (0.7.0)
    json (1.8.2)
    minitest (5.5.0)
    mixlib-log (1.6.0)
    msgpack (0.5.9)
    nio4r (1.1.0)
    rake (10.4.2)
    rspec (3.1.0)
      rspec-core (~> 3.1.0)
      rspec-expectations (~> 3.1.0)
      rspec-mocks (~> 3.1.0)
    rspec-core (3.1.7)
      rspec-support (~> 3.1.0)
    rspec-expectations (3.1.2)
      diff-lcs (>= 1.2.0, < 2.0)
      rspec-support (~> 3.1.0)
    rspec-mocks (3.1.3)
      rspec-support (~> 3.1.0)
    rspec-support (3.1.2)
    rubydns (1.0.1)
      celluloid (~> 0.16.0)
      celluloid-io (~> 0.16.2)
      timers (~> 4.0.1)
    thread_safe (0.3.4)
    timers (4.0.1)
      hitimes
    tzinfo (1.2.2)
      thread_safe (~> 0.1)
    websocket-driver (0.5.3)
      websocket-extensions (>= 0.1.0)
    websocket-extensions (0.1.2)

PLATFORMS
  ruby

DEPENDENCIES
  activesupport (~> 4.2.0)
  docker-api
  dotenv
  etcd
  fast_cache
  faye-websocket
  msgpack
  rake
  rspec
  rubydns
